GEM
  remote: https://rubygems.org/
  specs:
    daemons (1.2.4)
    eventmachine (1.2.5)
    json (2.1.0)
    rack (2.0.3)
    thin (1.7.2)
      daemons (~> 1.0, >= 1.0.9)
      eventmachine (~> 1.0, >= 1.0.4)
      rack (>= 1, < 3)

PLATFORMS
  ruby

DEPENDENCIES
  json (~> 2.1.0)
  rack (~> 2.0.3)
  thin (~> 1.7.2)

BUNDLED WITH
   1.15.4
